GIT
  remote: git://github.com/dkubb/axiom.git
  revision: e775140e1c5551b51e87fa9b45b3f45c35071eef
  specs:
    axiom (0.1.1)
      abstract_type (~> 0.0.5)
      adamantium (~> 0.0.7)
      backports (~> 3.3, >= 3.3.0)
      descendants_tracker (~> 0.0.1)
      equalizer (~> 0.0.5)

PATH
  remote: .
  specs:
    flatfiles (1.0.0.snapshot)
      axiom
      bindata
      factory_girl
      faker
      i18n
      json_pure

GEM
  remote: http://rubygems.org/
  specs:
    abstract_type (0.0.5)
      backports (~> 3.0, >= 3.0.3)
    activesupport (3.2.12)
      i18n (~> 0.6)
      multi_json (~> 1.0)
    adamantium (0.0.7)
      backports (~> 3.0, >= 3.0.3)
      ice_nine (~> 0.7.0)
    ansi (1.4.3)
    archive-tar-minitar (0.5.2)
    backports (3.3.2)
    bindata (1.5.0)
    columnize (0.3.6)
    descendants_tracker (0.0.1)
    diff-lcs (1.2.4)
    equalizer (0.0.5)
      adamantium (~> 0.0.6)
      backports (~> 3.0, >= 3.0.3)
    factory_girl (4.2.0)
      activesupport (>= 3.0.0)
    faker (1.1.2)
      i18n (~> 0.5)
    i18n (0.6.4)
    ice_nine (0.7.0)
    json (1.8.0)
    json_pure (1.8.0)
    linecache19 (0.5.12)
      ruby_core_source (>= 0.1.4)
    multi_json (1.7.7)
    rake (10.0.4)
    rdoc (4.0.1)
      json (~> 1.4)
    rspec (2.13.0)
      rspec-core (~> 2.13.0)
      rspec-expectations (~> 2.13.0)
      rspec-mocks (~> 2.13.0)
    rspec-core (2.13.1)
    rspec-expectations (2.13.0)
      diff-lcs (>= 1.1.3, < 2.0)
    rspec-mocks (2.13.1)
    ruby-debug-base19 (0.11.25)
      columnize (>= 0.3.1)
      linecache19 (>= 0.5.11)
      ruby_core_source (>= 0.1.4)
    ruby-debug19 (0.11.6)
      columnize (>= 0.3.1)
      linecache19 (>= 0.5.11)
      ruby-debug-base19 (>= 0.11.19)
    ruby-prof (0.13.0)
    ruby_core_source (0.1.5)
      archive-tar-minitar (>= 0.5.2)
    simplecov (0.7.1)
      multi_json (~> 1.0)
      simplecov-html (~> 0.7.1)
    simplecov-html (0.7.1)
    sqlite3 (1.3.7)
    turn (0.9.6)
      ansi

PLATFORMS
  ruby

DEPENDENCIES
  axiom!
  bundler
  flatfiles!
  rake
  rdoc
  rspec
  ruby-debug19
  ruby-prof
  simplecov
  sqlite3
  turn
